PATH
  remote: .
  specs:
    logginator (0.0.1)
      mixlib-cli

GEM
  remote: https://rubygems.org/
  specs:
    mixlib-cli (1.4.0)
    rake (10.1.1)

PLATFORMS
  ruby

DEPENDENCIES
  bundler (~> 1.5)
  logginator!
  rake
