PATH
  remote: .
  specs:
    logginator (0.0.1)
      mixlib-cli (~> 1.4.0)

GEM
  remote: https://rubygems.org/
  specs:
    metaclass (0.0.4)
    mixlib-cli (1.4.0)
    mocha (1.0.0)
      metaclass (~> 0.0.1)
    rake (10.1.1)

PLATFORMS
  ruby

DEPENDENCIES
  bundler (~> 1.5)
  logginator!
  mocha
  rake
